GEM
  remote: http://rubygems.org/
  specs:
    crack (0.1.8)
    gemcutter (0.6.1)
    git (1.2.5)
    httparty (0.6.1)
      crack (= 0.1.8)
    jeweler (1.4.0)
      gemcutter (>= 0.1.0)
      git (>= 1.2.5)
      rubyforge (>= 2.0.0)
    json_pure (1.4.6)
    rspec (1.3.0)
    rubyforge (2.0.4)
      json_pure (>= 1.1.7)
    voomify_utility_drawer (0.1.6)

PLATFORMS
  ruby

DEPENDENCIES
  httparty
  jeweler
  rspec
  voomify_utility_drawer
